GEM
  remote: http://rubygems.org/
  specs:
    activesupport (3.1.0)
      multi_json (~> 1.0)
    dalli (1.1.4)
    haml (3.1.1)
    httpclient (2.2.4)
    i18n (0.6.0)
    instapi (1.4.1)
      httpclient
      nokogiri
    ir_b (1.2.0)
    multi_json (1.0.3)
    nokogiri (1.5.2)
    rack (1.3.2)
    sinatra (1.2.6)
      rack (~> 1.1)
      tilt (>= 1.2.2, < 2.0)
    tilt (1.3.2)

PLATFORMS
  ruby

DEPENDENCIES
  activesupport
  dalli
  haml
  i18n
  instapi
  ir_b
  nokogiri
  sinatra
